GEM
  remote: http://rubygems.org/
  specs:
    abstract (1.0.0)
    actionmailer (3.0.10)
      actionpack (= 3.0.10)
      mail (~> 2.2.19)
    actionpack (3.0.10)
      activemodel (= 3.0.10)
      activesupport (= 3.0.10)
      builder (~> 2.1.2)
      erubis (~> 2.6.6)
      i18n (~> 0.5.0)
      rack (~> 1.2.1)
      rack-mount (~> 0.6.14)
      rack-test (~> 0.5.7)
      tzinfo (~> 0.3.23)
    activemodel (3.0.10)
      activesupport (= 3.0.10)
      builder (~> 2.1.2)
      i18n (~> 0.5.0)
    activerecord (3.0.10)
      activemodel (= 3.0.10)
      activesupport (= 3.0.10)
      arel (~> 2.0.10)
      tzinfo (~> 0.3.23)
    activeresource (3.0.10)
      activemodel (= 3.0.10)
      activesupport (= 3.0.10)
    activesupport (3.0.10)
    arel (2.0.10)
    builder (2.1.2)
    combo_box (0.0.3)
      jquery-rails
      rails (~> 3)
    erubis (2.6.6)
      abstract (>= 1.0.0)
    exception_notification (2.5.2)
      actionmailer (>= 3.0.4)
    fastercsv (1.5.4)
    formize (0.0.19)
      fastercsv
      jquery-rails
      rails (~> 3)
    haml (3.1.3)
    i18n (0.5.0)
    jquery-rails (1.0.14)
      railties (~> 3.0)
      thor (~> 0.14)
    libxml-ruby (2.2.2)
    mail (2.2.19)
      activesupport (>= 2.3.6)
      i18n (>= 0.4.0)
      mime-types (~> 1.16)
      treetop (~> 1.4.8)
    mime-types (1.16)
    mysql (2.8.1)
    pg (0.11.0)
    polyglot (0.3.2)
    rack (1.2.4)
    rack-mount (0.6.14)
      rack (>= 1.0.0)
    rack-test (0.5.7)
      rack (>= 1.0)
    rails (3.0.10)
      actionmailer (= 3.0.10)
      actionpack (= 3.0.10)
      activerecord (= 3.0.10)
      activeresource (= 3.0.10)
      activesupport (= 3.0.10)
      bundler (~> 1.0)
      railties (= 3.0.10)
    railties (3.0.10)
      actionpack (= 3.0.10)
      activesupport (= 3.0.10)
      rake (>= 0.8.7)
      rdoc (~> 3.4)
      thor (~> 0.14.4)
    rake (0.8.7)
    rdoc (3.9.4)
    ruby-prof (0.10.8)
    rubyzip (0.9.4)
    sqlite3 (1.3.4)
    state_machine (0.9.4)
    thor (0.14.6)
    thoughtbot-shoulda (2.11.1)
    treetop (1.4.10)
      polyglot
      polyglot (>= 0.3.1)
    tzinfo (0.3.29)
    will_paginate (3.0.0)

PLATFORMS
  ruby

DEPENDENCIES
  combo_box
  exception_notification
  fastercsv
  formize
  haml
  jquery-rails
  libxml-ruby
  mysql
  pg
  rails (= 3.0.10)
  rake (= 0.8.7)
  ruby-prof
  rubyzip
  sqlite3
  state_machine (= 0.9.4)
  thoughtbot-shoulda
  will_paginate (= 3.0.0)
