GEM
  remote: http://rubygems.org/
  specs:
    actionmailer (2.3.8)
      actionpack (= 2.3.8)
    actionpack (2.3.8)
      activesupport (= 2.3.8)
      rack (~> 1.1.0)
    activerecord (2.3.8)
      activesupport (= 2.3.8)
    activeresource (2.3.8)
      activesupport (= 2.3.8)
    activesupport (2.3.8)
    fastercsv (1.5.4)
    haml (3.0.25)
    libxml-ruby (1.1.3)
    mysql (2.8.1)
    pg (0.9.0)
    rack (1.1.0)
    rails (2.3.8)
      actionmailer (= 2.3.8)
      actionpack (= 2.3.8)
      activerecord (= 2.3.8)
      activeresource (= 2.3.8)
      activesupport (= 2.3.8)
      rake (>= 0.8.3)
    rake (0.8.7)
    rubyzip (0.9.4)
    state_machine (0.9.4)
    thoughtbot-shoulda (2.11.1)
    will_paginate (2.3.15)

PLATFORMS
  ruby

DEPENDENCIES
  fastercsv
  haml (~> 3.0)
  libxml-ruby (= 1.1.3)
  mysql
  pg (= 0.9.0)
  rails (= 2.3.8)
  rubyzip
  state_machine
  thoughtbot-shoulda
  will_paginate (~> 2.3)
