GEM
  remote: https://rubygems.org/
  specs:
    actionmailer (4.1.8)
      actionpack (= 4.1.8)
      actionview (= 4.1.8)
      mail (~> 2.5, >= 2.5.4)
    actionpack (4.1.8)
      actionview (= 4.1.8)
      activesupport (= 4.1.8)
      rack (~> 1.5.2)
      rack-test (~> 0.6.2)
    actionview (4.1.8)
      activesupport (= 4.1.8)
      builder (~> 3.1)
      erubis (~> 2.7.0)
    active_list (6.4.0)
      arel (~> 5.0.0)
      code_string (>= 0.0.0)
      i18n-complements
      rails (>= 3.2, < 5)
      rubyzip (>= 1.0)
    activemodel (4.1.8)
      activesupport (= 4.1.8)
      builder (~> 3.1)
    activerecord (4.1.8)
      activemodel (= 4.1.8)
      activesupport (= 4.1.8)
      arel (~> 5.0.0)
    activerecord-postgis-adapter (2.2.1)
      activerecord (>= 4.0.0, < 4.2.0)
      rgeo-activerecord (~> 1.2)
    activesupport (4.1.8)
      i18n (~> 0.6, >= 0.6.9)
      json (~> 1.7, >= 1.7.7)
      minitest (~> 5.1)
      thread_safe (~> 0.1)
      tzinfo (~> 1.1)
    acts_as_list (0.5.0)
      activerecord (>= 3.0)
    agric (2.5.0)
      railties (>= 3.2, < 5.0)
      sass-rails
    apartment (0.25.2)
      activerecord (>= 3.1.2, < 4.2)
      rack (>= 1.3.6)
    arel (5.0.1.20140414130214)
    awesome_nested_set (3.0.1)
      activerecord (>= 4.0.0, < 5)
    awesome_print (1.2.0)
    bcrypt (3.1.9)
    beardley (1.1.1)
      rjb (>= 1.4.8)
      rjb-loader (>= 0.0.2)
    beardley-barcode (1.0.0)
      beardley
    beardley-batik (1.0.0)
      beardley
    beardley-charts (0.0.0)
      beardley
    beardley-groovy (2.0.0)
      beardley
    beardley-open_sans (0.0.1)
      beardley
    beardley-xml (1.1.1)
      beardley
    bootstrap-sass (3.3.1.0)
      sass (~> 3.2)
    builder (3.2.2)
    burisu-docsplit (0.7.7)
    calendar_helper (0.2.6)
      open4
    capybara (2.4.4)
      mime-types (>= 1.16)
      nokogiri (>= 1.3.3)
      rack (>= 1.0.0)
      rack-test (>= 0.5.4)
      xpath (~> 2.0)
    capybara-webkit (1.3.1)
      capybara (>= 2.0.2, < 2.5.0)
      json
    celluloid (0.16.0)
      timers (~> 4.0.0)
    childprocess (0.5.5)
      ffi (~> 1.0, >= 1.0.11)
    chunky_png (1.3.3)
    climate_control (0.0.3)
      activesupport (>= 3.0)
    cocaine (0.5.4)
      climate_control (>= 0.0.3, < 1.0)
    cocoon (1.2.6)
    code_analyzer (0.4.5)
      sexp_processor
    code_string (0.0.0)
    coffee-rails (4.0.1)
      coffee-script (>= 2.2.0)
      railties (>= 4.0.0, < 5.0)
    coffee-script (2.3.0)
      coffee-script-source
      execjs
    coffee-script-source (1.8.0)
    colored (1.2)
    compass (0.12.7)
      chunky_png (~> 1.2)
      fssm (>= 0.2.7)
      sass (~> 3.2.19)
    compass-rails (2.0.0)
      compass (>= 0.12.2)
    connection_pool (2.1.0)
    coveralls (0.7.1)
      multi_json (~> 1.3)
      rest-client
      simplecov (>= 0.7)
      term-ansicolor
      thor
    curb (0.8.6)
    daemons (1.1.9)
    database_cleaner (1.3.0)
    dbf (2.0.7)
      fastercsv (~> 1.5.4)
    devise (3.4.1)
      bcrypt (~> 3.0)
      orm_adapter (~> 0.1)
      railties (>= 3.2.6, < 5)
      responders
      thread_safe (~> 0.1)
      warden (~> 1.2.3)
    devise-i18n-views (0.3.2)
    docile (1.1.5)
    enumerize (0.8.0)
      activesupport (>= 3.2)
    erubis (2.7.0)
    eventmachine (1.0.3)
    exception_notification (4.0.1)
      actionmailer (>= 3.0.4)
      activesupport (>= 3.0.4)
    execjs (2.2.2)
    factory_girl (4.5.0)
      activesupport (>= 3.0.0)
    factory_girl_rails (4.5.0)
      factory_girl (~> 4.5.0)
      railties (>= 3.0.0)
    fastercsv (1.5.5)
    feedjira (1.5.0)
      curb (~> 0.8)
      loofah (~> 2.0)
      sax-machine (~> 1.0)
    ffaker (1.25.0)
    ffi (1.9.6)
    formize (2.1.0)
      jquery-rails (>= 3)
      jquery-ui-rails (>= 5)
      rails (>= 3.2)
    fssm (0.2.10)
    haml (4.0.5)
      tilt
    hike (1.2.3)
    hitimes (1.2.2)
    hpricot (0.8.6)
    http_accept_language (2.0.2)
    i18n (0.6.11)
    i18n-complements (0.0.14)
      i18n (>= 0.6)
    jbuilder (2.2.5)
      activesupport (>= 3.0.0, < 5)
      multi_json (~> 1.2)
    jc-validates_timeliness (3.1.1)
      timeliness (~> 0.3.7)
    jquery-rails (3.1.2)
      railties (>= 3.0, < 5.0)
      thor (>= 0.14, < 2.0)
    jquery-scrollto-rails (1.4.3)
      railties (> 3.1, < 5.0)
    jquery-turbolinks (2.1.0)
      railties (>= 3.1.0)
      turbolinks
    jquery-ui-rails (5.0.2)
      railties (>= 3.2.16)
    json (1.8.1)
    kgio (2.9.2)
    libv8 (3.16.14.7)
    loofah (2.0.1)
      nokogiri (>= 1.5.9)
    mail (2.6.3)
      mime-types (>= 1.16, < 3)
    mime-types (2.4.3)
    mini_portile (0.6.1)
    minitest (5.4.3)
    multi_json (1.10.1)
    netrc (0.8.0)
    nokogiri (1.6.5)
      mini_portile (~> 0.6.0)
    ofx-parser (1.1.0)
      hpricot (>= 0.6)
    oily_png (1.1.2)
      chunky_png (~> 1.3.1)
    open4 (1.3.4)
    orm_adapter (0.5.0)
    paperclip (4.2.0)
      activemodel (>= 3.0.0)
      activesupport (>= 3.0.0)
      cocaine (~> 0.5.3)
      mime-types
    paperclip-document (0.0.8)
      burisu-docsplit (>= 0.7.7)
      paperclip (>= 3.1, < 5)
    pg (0.17.1)
    polyglot (0.3.5)
    quiet_assets (1.0.3)
      railties (>= 3.1, < 5.0)
    rack (1.5.2)
    rack-test (0.6.2)
      rack (>= 1.0)
    rails (4.1.8)
      actionmailer (= 4.1.8)
      actionpack (= 4.1.8)
      actionview (= 4.1.8)
      activemodel (= 4.1.8)
      activerecord (= 4.1.8)
      activesupport (= 4.1.8)
      bundler (>= 1.3.0, < 2.0)
      railties (= 4.1.8)
      sprockets-rails (~> 2.0)
    rails_best_practices (1.15.4)
      activesupport
      awesome_print
      code_analyzer (>= 0.4.3)
      colored
      erubis
      i18n
      json
      require_all
      ruby-progressbar
    railties (4.1.8)
      actionpack (= 4.1.8)
      activesupport (= 4.1.8)
      rake (>= 0.8.7)
      thor (>= 0.18.1, < 2.0)
    raindrops (0.13.0)
    rake (10.4.0)
    rdoc (4.1.2)
      json (~> 1.4)
    redis (3.1.0)
    redis-namespace (1.5.1)
      redis (~> 3.0, >= 3.0.4)
    ref (1.0.5)
    require_all (1.3.2)
    responders (1.1.2)
      railties (>= 3.2, < 4.2)
    rest-client (1.7.2)
      mime-types (>= 1.16, < 3.0)
      netrc (~> 0.7)
    rgeo (0.3.20)
    rgeo-activerecord (1.2.0)
      activerecord (~> 4.0)
      rgeo (~> 0.3)
    rgeo-geojson (0.3.1)
      rgeo (~> 0.3)
    rgeo-shapefile (0.2.3)
      dbf (>= 1.7.0)
      rgeo (>= 0.3.3)
    rjb (1.5.1)
    rjb-loader (0.0.2)
      rails (>= 3.2)
      rjb (>= 1.4.8)
    ruby-progressbar (1.7.0)
    rubyzip (1.1.6)
    sass (3.2.19)
    sass-rails (4.0.5)
      railties (>= 4.0.0, < 5.0)
      sass (~> 3.2.2)
      sprockets (~> 2.8, < 3.0)
      sprockets-rails (~> 2.0)
    sax-machine (1.1.1)
    sdoc (0.4.1)
      json (~> 1.7, >= 1.7.7)
      rdoc (~> 4.0)
    selenium-webdriver (2.44.0)
      childprocess (~> 0.5)
      multi_json (~> 1.0)
      rubyzip (~> 1.0)
      websocket (~> 1.0)
    sexp_processor (4.4.4)
    shoulda-context (1.2.1)
    sidekiq (3.3.0)
      celluloid (>= 0.16.0)
      connection_pool (>= 2.0.0)
      json
      redis (>= 3.0.6)
      redis-namespace (>= 1.3.1)
    simple_calendar (0.1.11)
      rails (>= 3.0)
    simple_form (3.0.3)
      actionpack (~> 4.0)
      activemodel (~> 4.0)
    simplecov (0.9.1)
      docile (~> 1.1.0)
      multi_json (~> 1.0)
      simplecov-html (~> 0.8.0)
    simplecov-html (0.8.0)
    sprockets (2.12.3)
      hike (~> 1.2)
      multi_json (~> 1.0)
      rack (~> 1.0)
      tilt (~> 1.1, != 1.3.0)
    sprockets-rails (2.2.1)
      actionpack (>= 3.0)
      activesupport (>= 3.0)
      sprockets (>= 2.8, < 4.0)
    state_machine (1.2.0)
    term-ansicolor (1.3.0)
      tins (~> 1.0)
    therubyracer (0.12.1)
      libv8 (~> 3.16.14.0)
      ref
    thin (1.6.3)
      daemons (~> 1.0, >= 1.0.9)
      eventmachine (~> 1.0)
      rack (~> 1.0)
    thor (0.19.1)
    thread_safe (0.3.4)
    tilt (1.4.1)
    timecop (0.7.1)
    timeliness (0.3.7)
    timers (4.0.1)
      hitimes
    tins (1.3.3)
    treetop (1.5.3)
      polyglot (~> 0.3)
    turbolinks (2.5.2)
      coffee-rails
    tzinfo (1.2.2)
      thread_safe (~> 0.1)
    uglifier (2.5.3)
      execjs (>= 0.3.0)
      json (>= 1.8.0)
    unicorn (4.8.3)
      kgio (~> 2.6)
      rack
      raindrops (~> 0.7)
    warden (1.2.3)
      rack (>= 1.0)
    websocket (1.2.1)
    xpath (2.0.0)
      nokogiri (~> 1.3)

PLATFORMS
  ruby

DEPENDENCIES
  active_list (>= 6.4.0)
  activerecord-postgis-adapter
  acts_as_list
  agric
  apartment
  awesome_nested_set (~> 3.0.0.rc3)
  beardley (~> 1.1.0)
  beardley-barcode
  beardley-batik
  beardley-charts
  beardley-groovy
  beardley-open_sans
  beardley-xml
  bootstrap-sass (~> 3.1)
  calendar_helper (~> 0.2.5)
  capybara
  capybara-webkit
  cocoon
  code_string
  coffee-rails (~> 4.0.1)
  colored
  compass-rails
  coveralls (>= 0.6)
  database_cleaner
  devise
  devise-i18n-views
  enumerize
  exception_notification
  factory_girl_rails
  fastercsv
  feedjira
  ffaker
  formize (~> 2.1.0)
  haml
  http_accept_language
  i18n-complements (>= 0.0.14)
  jbuilder
  jc-validates_timeliness (~> 3.1.1)
  jquery-rails
  jquery-scrollto-rails
  jquery-turbolinks
  jquery-ui-rails
  nokogiri (~> 1.6.0)
  ofx-parser
  oily_png
  paperclip
  paperclip-document (>= 0.0.8)
  pg
  quiet_assets
  rails (= 4.1.8)
  rails_best_practices
  rgeo-geojson
  rgeo-shapefile
  rubyzip
  sass (~> 3.2.19)
  sass-rails (~> 4.0.1)
  sdoc
  selenium-webdriver
  shoulda-context
  sidekiq
  simple_calendar (~> 0.1)
  simple_form (~> 3.0.0)
  state_machine
  therubyracer
  thin
  timecop
  treetop
  turbolinks
  uglifier (>= 1.3.0)
  unicorn
